PATH
  remote: .
  specs:
    mess (0.0.0)
      slop (~> 4.8)

GEM
  remote: https://rubygems.org/
  specs:
    rake (12.3.3)
    slop (4.8.2)

PLATFORMS
  ruby

DEPENDENCIES
  mess!
  rake (~> 12.0)

BUNDLED WITH
   2.1.4
